GEM
  remote: http://rubygems.org/
  specs:
    aws-sdk (1.8.0)
      httparty (~> 0.7)
      json (~> 1.4)
      nokogiri (>= 1.4.4)
      uuidtools (~> 2.1)
    diff-lcs (1.1.3)
    httparty (0.10.0)
      multi_json (~> 1.0)
      multi_xml
    jsmin (1.0.1)
    json (1.7.6)
    macaddr (1.6.1)
      systemu (~> 2.5.0)
    multi_json (1.5.0)
    multi_xml (0.5.2)
    mustermann (1.1.1)
      ruby2_keywords (~> 0.0.1)
    nokogiri (1.5.6)
    rack (2.2.3)
    rack-protection (2.2.0)
      rack
    rack-test (0.6.1)
      rack (>= 1.0)
    rspec (2.12.0)
      rspec-core (~> 2.12.0)
      rspec-expectations (~> 2.12.0)
      rspec-mocks (~> 2.12.0)
    rspec-core (2.12.2)
    rspec-expectations (2.12.1)
      diff-lcs (~> 1.1.3)
    rspec-mocks (2.12.1)
    ruby2_keywords (0.0.5)
    sinatra (2.2.0)
      mustermann (~> 1.0)
      rack (~> 2.2)
      rack-protection (= 2.2.0)
      tilt (~> 2.0)
    sinatra-assetpack (0.1.2)
      jsmin
      rack-test
      sinatra
      tilt (>= 1.3.0)
    systemu (2.5.2)
    tilt (2.0.10)
    uuid (2.3.6)
      macaddr (~> 1.0)
    uuidtools (2.1.3)

PLATFORMS
  ruby

DEPENDENCIES
  aws-sdk
  nokogiri
  rack-test
  rspec
  sinatra (= 2.2.0)
  sinatra-assetpack
  uuid
